GEM
  remote: http://rubygems.org/
  specs:
    basepath (0.5.0)
    bitly (0.5.4)
      crack (>= 0.1.4)
      httparty (>= 0.5.2)
    crack (0.1.8)
    hatenabm (0.1.2)
    httparty (0.6.1)
      crack (= 0.1.8)
    json (1.4.6)
    ldclip (0.0.3)
    mime-types (1.16)
    nokogiri (1.4.4)
    oauth (0.4.4)
    pit (0.0.6)
    thor (0.14.6)
    twitter_oauth (0.4.3)
      json (>= 1.1.9)
      mime-types (>= 1.16)
      oauth (>= 0.4.1)

PLATFORMS
  ruby

DEPENDENCIES
  basepath
  bitly
  hatenabm
  ldclip
  nokogiri
  pit
  thor
  twitter_oauth
